GEM
  remote: http://rubygems.org/
  specs:
    abstract (1.0.0)
    actionmailer (3.0.1)
      actionpack (= 3.0.1)
      mail (~> 2.2.5)
    actionpack (3.0.1)
      activemodel (= 3.0.1)
      activesupport (= 3.0.1)
      builder (~> 2.1.2)
      erubis (~> 2.6.6)
      i18n (~> 0.4.1)
      rack (~> 1.2.1)
      rack-mount (~> 0.6.12)
      rack-test (~> 0.5.4)
      tzinfo (~> 0.3.23)
    activemodel (3.0.1)
      activesupport (= 3.0.1)
      builder (~> 2.1.2)
      i18n (~> 0.4.1)
    activerecord (3.0.1)
      activemodel (= 3.0.1)
      activesupport (= 3.0.1)
      arel (~> 1.0.0)
      tzinfo (~> 0.3.23)
    activerecord-nulldb-adapter (0.2.1)
      activerecord (>= 2.0.0, < 3.1)
    activeresource (3.0.1)
      activemodel (= 3.0.1)
      activesupport (= 3.0.1)
    activesupport (3.0.1)
    acts-as-taggable-on (2.3.3)
      rails (~> 3.0)
    addressable (2.2.8)
    arel (1.0.1)
      activesupport (~> 3.0.0)
    babosa (0.3.8)
    bcrypt-ruby (3.0.1)
    builder (2.1.2)
    diff-lcs (1.1.3)
    erubis (2.6.6)
      abstract (>= 1.0.0)
    faker (1.0.1)
      i18n (~> 0.4)
    faraday (0.6.1)
      addressable (~> 2.2.4)
      multipart-post (~> 1.1.0)
      rack (>= 1.1.0, < 2)
    ffi (1.1.5)
    friendly_id (3.3.3.0)
      babosa (~> 0.3.0)
    guard (1.3.2)
      listen (>= 0.4.2)
      thor (>= 0.14.6)
    guard-rspec (1.2.1)
      guard (>= 1.1)
    guard-spin (0.3.0)
      guard
      spin
    haml (3.1.7)
    haml-rails (0.3.4)
      actionpack (~> 3.0)
      activesupport (~> 3.0)
      haml (~> 3.0)
      railties (~> 3.0)
    hashie (1.2.0)
    i18n (0.4.2)
    jquery-rails (1.0.9)
      railties (~> 3.0)
      thor (~> 0.14)
    libnotify (0.7.3)
    listen (0.5.0)
    machinist (2.0)
    mail (2.2.19)
      activesupport (>= 2.3.6)
      i18n (>= 0.4.0)
      mime-types (~> 1.16)
      treetop (~> 1.4.8)
    meta_search (0.9.8)
      actionpack (~> 3.0.0)
      activerecord (~> 3.0.0)
      activesupport (~> 3.0.0)
      arel (~> 1.0.1)
    mime-types (1.16)
    multi_json (1.0.4)
    multi_xml (0.2.2)
    multipart-post (1.1.5)
    nibbler (1.3.0)
    nokogiri (1.5.5)
    oa-core (0.2.6)
    oa-oauth (0.2.6)
      faraday (~> 0.6.1)
      multi_json (~> 1.0.0)
      multi_xml (~> 0.2.2)
      oa-core (= 0.2.6)
      oauth (~> 0.4.0)
      oauth2 (~> 0.4.1)
    oauth (0.4.7)
    oauth2 (0.4.1)
      faraday (~> 0.6.1)
      multi_json (>= 0.0.5)
    omniauth (1.1.1)
      hashie (~> 1.2)
      rack
    omnipopulus (0.2.0)
      bcrypt-ruby
      oa-core (~> 0.2.6)
      oa-oauth (~> 0.2.6)
      rails (>= 3.0.0)
    omnisocial (0.2.0)
      omnipopulus
    pg (0.14.1)
    polyglot (0.3.3)
    rack (1.2.5)
    rack-mount (0.6.14)
      rack (>= 1.0.0)
    rack-test (0.5.7)
      rack (>= 1.0)
    rails (3.0.1)
      actionmailer (= 3.0.1)
      actionpack (= 3.0.1)
      activerecord (= 3.0.1)
      activeresource (= 3.0.1)
      activesupport (= 3.0.1)
      bundler (~> 1.0.0)
      railties (= 3.0.1)
    rails3-jquery-autocomplete (0.7.4)
      rails (~> 3.0)
      yajl-ruby
    railties (3.0.1)
      actionpack (= 3.0.1)
      activesupport (= 3.0.1)
      rake (>= 0.8.4)
      thor (~> 0.14.0)
    rake (0.9.2.2)
    rb-inotify (0.8.8)
      ffi (>= 0.5.0)
    rd_searchlogic (3.0.1)
      activerecord (>= 3.0.0)
    rspec (2.11.0)
      rspec-core (~> 2.11.0)
      rspec-expectations (~> 2.11.0)
      rspec-mocks (~> 2.11.0)
    rspec-core (2.11.1)
    rspec-expectations (2.11.3)
      diff-lcs (~> 1.1.3)
    rspec-mocks (2.11.2)
    rspec-rails (2.11.0)
      actionpack (>= 3.0)
      activesupport (>= 3.0)
      railties (>= 3.0)
      rspec (~> 2.11.0)
    sanitize (2.0.3)
      nokogiri (>= 1.4.4, < 1.6)
    spin (0.5.3)
    sqlite3 (1.3.6)
    sqlite3-ruby (1.3.3)
      sqlite3 (>= 1.3.3)
    thor (0.14.6)
    treetop (1.4.10)
      polyglot
      polyglot (>= 0.3.1)
    tzinfo (0.3.23)
    will_paginate (3.0.pre2)
    yajl-ruby (0.8.2)
    yaml_db (0.2.1)

PLATFORMS
  ruby

DEPENDENCIES
  activerecord-nulldb-adapter
  acts-as-taggable-on
  babosa
  bundler (= 1.0.22)
  faker
  friendly_id
  guard
  guard-rspec
  guard-spin
  haml
  haml-rails
  jquery-rails (>= 1.0.3)
  libnotify
  machinist (>= 2.0.0.beta2)
  meta_search
  nibbler
  omniauth
  omnisocial
  pg
  rails (= 3.0.1)
  rails3-jquery-autocomplete
  rb-inotify
  rd_searchlogic
  rspec-rails
  sanitize
  sqlite3-ruby
  will_paginate
  yaml_db
