GEM
  remote: http://rubygems.org/
  specs:
    ZenTest (4.4.0)
    actionmailer (2.3.8)
      actionpack (= 2.3.8)
    actionpack (2.3.8)
      activesupport (= 2.3.8)
      rack (~> 1.1.0)
    activerecord (2.3.8)
      activesupport (= 2.3.8)
    activeresource (2.3.8)
      activesupport (= 2.3.8)
    activesupport (2.3.8)
    acts-as-taggable-on (2.0.6)
    autotest (4.3.2)
    autotest-rails (4.1.0)
      ZenTest
    builder (2.1.2)
    capybara (0.3.9)
      culerity (>= 0.2.4)
      mime-types (>= 1.16)
      nokogiri (>= 1.3.3)
      rack (>= 1.0.0)
      rack-test (>= 0.5.4)
      selenium-webdriver (>= 0.0.3)
    crack (0.1.8)
    cucumber (0.8.5)
      builder (~> 2.1.2)
      diff-lcs (~> 1.1.2)
      gherkin (~> 2.1.4)
      json_pure (~> 1.4.3)
      term-ansicolor (~> 1.0.4)
    cucumber-rails (0.3.2)
      cucumber (>= 0.8.0)
    culerity (0.2.12)
    daemons (1.1.0)
    database_cleaner (0.5.2)
    diff-lcs (1.1.2)
    eventmachine (0.12.10)
    ffi (0.6.3)
      rake (>= 0.8.7)
    formtastic (1.0.1)
      actionpack (>= 2.3.0, < 3.0.0)
      activesupport (>= 2.3.0, < 3.0.0)
      i18n (< 0.4)
    gherkin (2.1.5)
      trollop (~> 1.16.2)
    google_analytics (1.1.5)
      actionpack
      activesupport
    hpricot (0.8.2)
    httparty (0.6.1)
      crack (= 0.1.8)
    i18n (0.3.7)
    json_pure (1.4.6)
    mash (0.1.1)
    mime-types (1.16)
    newrelic_rpm (2.13.1)
    nokogiri (1.4.3.1)
    oauth (0.4.3)
    pg (0.9.0)
    pickle (0.4.2)
      cucumber (>= 0.8)
      rake
      rspec (>= 1.3)
      yard
    rack (1.1.0)
    rack-test (0.5.4)
      rack (>= 1.0)
    rails (2.3.8)
      actionmailer (= 2.3.8)
      actionpack (= 2.3.8)
      activerecord (= 2.3.8)
      activeresource (= 2.3.8)
      activesupport (= 2.3.8)
      rake (>= 0.8.3)
    rake (0.8.7)
    rspec (1.3.0)
    rspec-rails (1.3.2)
      rack (>= 1.0.0)
      rspec (>= 1.3.0)
    rubyzip (0.9.4)
    selenium-webdriver (0.0.28)
      ffi (>= 0.6.1)
      json_pure
      rubyzip
    sitemap_generator (1.0.1)
    spork (0.8.4)
    synchroniser (0.6.0)
    term-ansicolor (1.0.5)
    thin (1.2.7)
      daemons (>= 1.0.9)
      eventmachine (>= 0.12.6)
      rack (>= 1.0.0)
    trollop (1.16.2)
    twitter (0.6.3)
      httparty (>= 0.4.2)
      mash
      oauth
    webrat (0.7.1)
      nokogiri (>= 1.2.0)
      rack (>= 1.0)
      rack-test (>= 0.5.3)
    will_paginate (2.3.14)
    yaml_db (0.1.0)
    yard (0.6.0)

PLATFORMS
  ruby

DEPENDENCIES
  ZenTest (= 4.4.0)
  acts-as-taggable-on (= 2.0.6)
  autotest (= 4.3.2)
  autotest-rails (= 4.1.0)
  bundler (= 1.0.0)
  capybara (= 0.3.9)
  cucumber (= 0.8.5)
  cucumber-rails (= 0.3.2)
  culerity (= 0.2.12)
  database_cleaner (= 0.5.2)
  eventmachine (= 0.12.10)
  formtastic (= 1.0.1)
  gherkin (= 2.1.5)
  google_analytics (= 1.1.5)
  hpricot (= 0.8.2)
  newrelic_rpm (= 2.13.1)
  nokogiri (= 1.4.3.1)
  pg (= 0.9.0)
  pickle (= 0.4.2)
  rack-test (= 0.5.4)
  rails (= 2.3.8)
  rake (= 0.8.7)
  rspec (= 1.3.0)
  rspec-rails (= 1.3.2)
  sitemap_generator (= 1.0.1)
  spork (= 0.8.4)
  synchroniser (= 0.6.0)
  thin (= 1.2.7)
  twitter (= 0.6.3)
  webrat (= 0.7.1)
  will_paginate (= 2.3.14)
  yaml_db (= 0.1.0)
